GEM
  remote: https://rubygems.org/
  specs:
    yajl-ruby (1.3.1)

PLATFORMS
  ruby

DEPENDENCIES
  yajl-ruby

BUNDLED WITH
   1.10.5
